GEM
  remote: https://rubygems.org/
  specs:
    activemodel (5.1.3)
      activesupport (= 5.1.3)
    activerecord (5.1.3)
      activemodel (= 5.1.3)
      activesupport (= 5.1.3)
      arel (~> 8.0)
    activesupport (5.1.3)
      concurrent-ruby (~> 1.0, >= 1.0.2)
      i18n (~> 0.7)
      minitest (~> 5.1)
      tzinfo (~> 1.1)
    addressable (2.5.1)
      public_suffix (~> 2.0, >= 2.0.2)
    arel (8.0.0)
    bcrypt (3.1.11)
    capybara (2.15.1)
      addressable
      mini_mime (>= 0.1.3)
      nokogiri (>= 1.3.3)
      rack (>= 1.0.0)
      rack-test (>= 0.5.4)
      xpath (~> 2.0)
    concurrent-ruby (1.0.5)
    database_cleaner (1.5.1)
    diff-lcs (1.3)
    factory_girl (4.5.0)
      activesupport (>= 3.0.0)
    i18n (0.8.6)
    mini_mime (0.1.4)
    mini_portile2 (2.2.0)
    minitest (5.10.3)
    mustermann (1.0.0)
    nokogiri (1.8.0)
      mini_portile2 (~> 2.2.0)
    public_suffix (2.0.5)
    rack (2.0.3)
    rack-protection (2.0.0)
      rack
    rack-test (0.7.0)
      rack (>= 1.0, < 3)
    rake (12.0.0)
    rmagick (2.16.0)
    rspec (3.6.0)
      rspec-core (~> 3.6.0)
      rspec-expectations (~> 3.6.0)
      rspec-mocks (~> 3.6.0)
    rspec-core (3.6.0)
      rspec-support (~> 3.6.0)
    rspec-expectations (3.6.0)
      diff-lcs (>= 1.2.0, < 2.0)
      rspec-support (~> 3.6.0)
    rspec-mocks (3.6.0)
      diff-lcs (>= 1.2.0, < 2.0)
      rspec-support (~> 3.6.0)
    rspec-support (3.6.0)
    sinatra (2.0.0)
      mustermann (~> 1.0)
      rack (~> 2.0)
      rack-protection (= 2.0.0)
      tilt (~> 2.0)
    sinatra-activerecord (2.0.13)
      activerecord (>= 3.2)
      sinatra (>= 1.0)
    sinatra-flash (0.3.0)
      sinatra (>= 1.0.0)
    sqlite3 (1.3.13)
    thread_safe (0.3.6)
    tilt (2.0.8)
    tzinfo (1.2.3)
      thread_safe (~> 0.1)
    xpath (2.1.0)
      nokogiri (~> 1.3)

PLATFORMS
  ruby

DEPENDENCIES
  bcrypt
  capybara (~> 2.8)
  database_cleaner
  factory_girl
  rake
  rmagick
  rspec
  sinatra
  sinatra-activerecord
  sinatra-flash
  sqlite3

BUNDLED WITH
   1.15.3
